GEM
  remote: https://rubygems.org/
  specs:
    pg (1.3.0)

PLATFORMS
  x86_64-darwin-18

DEPENDENCIES
  pg

BUNDLED WITH
   2.2.15
